PATH
  remote: .
  specs:
    hulaki (0.1.2)

GEM
  remote: https://rubygems.org/
  specs:
    amatch (0.3.0)
      tins (~> 1.0)
    builder (3.2.2)
    coderay (1.1.1)
    diff-lcs (1.2.5)
    jwt (1.5.2)
    mail (2.6.3)
      mime-types (>= 1.16, < 3)
    method_source (0.8.2)
    mime-types (2.99)
    multi_json (1.11.2)
    pry (0.10.3)
      coderay (~> 1.1.0)
      method_source (~> 0.8.1)
      slop (~> 3.4)
    rake (10.5.0)
    rspec (3.4.0)
      rspec-core (~> 3.4.0)
      rspec-expectations (~> 3.4.0)
      rspec-mocks (~> 3.4.0)
    rspec-core (3.4.3)
      rspec-support (~> 3.4.0)
    rspec-expectations (3.4.0)
      diff-lcs (>= 1.2.0, < 2.0)
      rspec-support (~> 3.4.0)
    rspec-mocks (3.4.1)
      diff-lcs (>= 1.2.0, < 2.0)
      rspec-support (~> 3.4.0)
    rspec-support (3.4.1)
    slop (3.6.0)
    smarter_csv (1.1.0)
    tins (1.8.2)
    twilio-ruby (4.11.1)
      builder (>= 2.1.2)
      jwt (~> 1.0)
      multi_json (>= 1.3.0)

PLATFORMS
  ruby

DEPENDENCIES
  amatch
  bundler (~> 1.10)
  hulaki!
  mail
  pry
  rake (~> 10.0)
  rspec
  smarter_csv
  twilio-ruby (~> 4.11.1)

BUNDLED WITH
   1.11.2
